GIT
  remote: https://github.com/reakiro/codebreaker-gem
  revision: b0f7dbe0b97e878627bddcf56a420a2e0d05e5a2
  branch: master
  specs:
    codebreaker (0.1.0)

GEM
  remote: https://rubygems.org/
  specs:
    ast (2.4.0)
    coderay (1.1.2)
    colorize (0.8.1)
    fasterer (0.6.0)
      colorize (~> 0.7)
      ruby_parser (>= 3.13.0)
    jaro_winkler (1.5.3)
    method_source (0.9.2)
    parallel (1.17.0)
    parser (2.6.3.0)
      ast (~> 2.4.0)
    pry (0.12.2)
      coderay (~> 1.1.0)
      method_source (~> 0.9.0)
    rack (2.0.7)
    rainbow (3.0.0)
    rubocop (0.72.0)
      jaro_winkler (~> 1.5.1)
      parallel (~> 1.10)
      parser (>= 2.6)
      rainbow (>= 2.2.2, < 4.0)
      ruby-progressbar (~> 1.7)
      unicode-display_width (>= 1.4.0, < 1.7)
    rubocop-rspec (1.33.0)
      rubocop (>= 0.60.0)
    ruby-progressbar (1.10.1)
    ruby_parser (3.13.1)
      sexp_processor (~> 4.9)
    sexp_processor (4.12.1)
    unicode-display_width (1.6.0)

PLATFORMS
  ruby

DEPENDENCIES
  codebreaker!
  fasterer
  pry
  rack
  rubocop
  rubocop-rspec

BUNDLED WITH
   1.17.3
