GIT
  remote: https://github.com/reakiro/codebreaker-gem
  revision: b0f7dbe0b97e878627bddcf56a420a2e0d05e5a2
  branch: master
  specs:
    codebreaker (0.1.0)

GEM
  remote: https://rubygems.org/
  specs:
    coderay (1.1.2)
    method_source (0.9.2)
    pry (0.12.2)
      coderay (~> 1.1.0)
      method_source (~> 0.9.0)
    rack (2.0.7)

PLATFORMS
  ruby

DEPENDENCIES
  codebreaker!
  pry
  rack

BUNDLED WITH
   1.17.3
